GEM
  remote: http://rubygems.org/
  specs:
    activesupport (3.0.5)
    crack (0.1.8)
    httparty (0.7.4)
      crack (= 0.1.8)
    i18n (0.5.0)
    ice_cube (0.6.6)
    rack (1.2.2)
    sass (3.1.0.alpha.252)
    shotgun (0.9)
      rack (>= 1.0)
    sinatra (1.2.1)
      rack (~> 1.1)
      tilt (>= 1.2.2, < 2.0)
    tilt (1.2.2)

PLATFORMS
  ruby

DEPENDENCIES
  activesupport
  httparty
  i18n
  ice_cube
  sass
  shotgun
  sinatra (>= 1.2.1)
